GIT
  remote: https://github.com/ruhoh/ruhoh.rb.git
  revision: 1c7df99c4149d450259cafec444b41cccbe0fece
  specs:
    ruhoh (2.6)
      directory_watcher (~> 1.4.0)
      mustache (~> 0.99)
      nokogiri (~> 1.5)
      rack (~> 1.4)
      redcarpet (~> 2.1)

GEM
  remote: https://rubygems.org/
  specs:
    coffee-script (2.2.0)
      coffee-script-source
      execjs
    coffee-script-source (1.7.0)
    directory_watcher (1.4.1)
    execjs (2.0.2)
    hike (1.2.3)
    mini_portile (0.5.3)
    multi_json (1.9.3)
    mustache (0.99.5)
    nokogiri (1.6.1)
      mini_portile (~> 0.5.0)
    psych (1.3.4)
    rack (1.5.2)
    redcarpet (2.3.0)
    sass (3.3.6)
    sprockets (2.12.1)
      hike (~> 1.2)
      multi_json (~> 1.0)
      rack (~> 1.0)
      tilt (~> 1.1, != 1.3.0)
    tilt (1.4.1)

PLATFORMS
  ruby

DEPENDENCIES
  coffee-script
  psych (~> 1.3)
  ruhoh!
  sass
  sprockets (~> 2.8)
